GEM
  remote: https://rubygems.org/
  specs:
    actionmailer (4.1.0.rc1)
      actionpack (= 4.1.0.rc1)
      actionview (= 4.1.0.rc1)
      mail (~> 2.5.4)
    actionpack (4.1.0.rc1)
      actionview (= 4.1.0.rc1)
      activesupport (= 4.1.0.rc1)
      rack (~> 1.5.2)
      rack-test (~> 0.6.2)
    actionview (4.1.0.rc1)
      activesupport (= 4.1.0.rc1)
      builder (~> 3.1)
      erubis (~> 2.7.0)
    activemodel (4.1.0.rc1)
      activesupport (= 4.1.0.rc1)
      builder (~> 3.1)
    activerecord (4.1.0.rc1)
      activemodel (= 4.1.0.rc1)
      activesupport (= 4.1.0.rc1)
      arel (~> 5.0.0)
    activerecord-import (0.4.1)
      activerecord (>= 3.0)
    activesupport (4.1.0.rc1)
      i18n (~> 0.6, >= 0.6.9)
      json (~> 1.7, >= 1.7.7)
      minitest (~> 5.1)
      thread_safe (~> 0.1)
      tzinfo (~> 1.1)
    addressable (2.3.5)
    arel (5.0.0)
    atomic (1.1.15)
    bcrypt (3.1.7)
    bcrypt-ruby (3.1.5)
      bcrypt (>= 3.1.3)
    builder (3.2.2)
    cancan (1.6.10)
    coderay (1.1.0)
    coffee-rails (4.0.1)
      coffee-script (>= 2.2.0)
      railties (>= 4.0.0, < 5.0)
    coffee-script (2.2.0)
      coffee-script-source
      execjs
    coffee-script-source (1.7.0)
    colorize (0.6.0)
    daemons (1.1.9)
    devise (3.2.3)
      bcrypt-ruby (~> 3.0)
      orm_adapter (~> 0.1)
      railties (>= 3.2.6, < 5)
      thread_safe (~> 0.1)
      warden (~> 1.2.3)
    diff-lcs (1.2.5)
    differ (0.1.2)
    docile (1.1.3)
    draper (1.3.0)
      actionpack (>= 3.0)
      activemodel (>= 3.0)
      activesupport (>= 3.0)
      request_store (~> 1.0.3)
    erubis (2.7.0)
    eventmachine (1.0.3)
    exception_notification (4.0.1)
      actionmailer (>= 3.0.4)
      activesupport (>= 3.0.4)
    execjs (2.0.2)
    factory_girl (4.4.0)
      activesupport (>= 3.0.0)
    factory_girl_rails (4.4.1)
      factory_girl (~> 4.4.0)
      railties (>= 3.0.0)
    haml_coffee_assets (1.16.0)
      coffee-script (~> 2.0)
      sprockets (~> 2.0)
      tilt (~> 1.1)
    hike (1.2.3)
    i18n (0.6.9)
    innertube (1.1.0)
    joiner (0.2.0)
      activerecord (>= 3.1.0, < 4.1.0)
    jquery-rails (3.1.0)
      railties (>= 3.0, < 5.0)
      thor (>= 0.14, < 2.0)
    json (1.8.1)
    launchy (2.4.2)
      addressable (~> 2.3)
    letter_opener (1.2.0)
      launchy (~> 2.2)
    mail (2.5.4)
      mime-types (~> 1.16)
      treetop (~> 1.4.8)
    method_source (0.8.2)
    middleware (0.1.0)
    mime-types (1.25.1)
    minitest (5.3.0)
    mono_logger (1.1.0)
    multi_json (1.9.0)
    mysql2 (0.3.15)
    newrelic_rpm (3.7.3.199)
    orm_adapter (0.5.0)
    paper_trail (3.0.0)
      activerecord (>= 3.0, < 5.0)
      activesupport (>= 3.0, < 5.0)
    pg (0.17.1)
    polyglot (0.3.4)
    pry (0.9.12.6)
      coderay (~> 1.0)
      method_source (~> 0.8)
      slop (~> 3.4)
    rack (1.5.2)
    rack-protection (1.5.2)
      rack
    rack-test (0.6.2)
      rack (>= 1.0)
    rails (4.1.0.rc1)
      actionmailer (= 4.1.0.rc1)
      actionpack (= 4.1.0.rc1)
      actionview (= 4.1.0.rc1)
      activemodel (= 4.1.0.rc1)
      activerecord (= 4.1.0.rc1)
      activesupport (= 4.1.0.rc1)
      bundler (>= 1.3.0, < 2.0)
      railties (= 4.1.0.rc1)
      sprockets-rails (~> 2.0.0)
    railties (4.1.0.rc1)
      actionpack (= 4.1.0.rc1)
      activesupport (= 4.1.0.rc1)
      rake (>= 0.8.7)
      thor (>= 0.18.1, < 2.0)
    rake (10.1.1)
    redcarpet (3.1.1)
    redis (3.0.7)
    redis-namespace (1.4.1)
      redis (~> 3.0.4)
    request_store (1.0.5)
    resque (1.25.2)
      mono_logger (~> 1.0)
      multi_json (~> 1.0)
      redis-namespace (~> 1.3)
      sinatra (>= 0.9.2)
      vegas (~> 0.1.2)
    riddle (1.5.10)
    rspec-collection_matchers (0.0.3)
      rspec-expectations (>= 2.99.0.beta1)
    rspec-core (3.0.0.beta2)
      rspec-support (= 3.0.0.beta2)
    rspec-expectations (3.0.0.beta2)
      diff-lcs (>= 1.2.0, < 2.0)
      rspec-support (= 3.0.0.beta2)
    rspec-mocks (3.0.0.beta2)
      rspec-support (= 3.0.0.beta2)
    rspec-rails (3.0.0.beta2)
      actionpack (>= 3.0)
      activemodel (>= 3.0)
      activesupport (>= 3.0)
      railties (>= 3.0)
      rspec-collection_matchers
      rspec-core (= 3.0.0.beta2)
      rspec-expectations (= 3.0.0.beta2)
      rspec-mocks (= 3.0.0.beta2)
      rspec-support (= 3.0.0.beta2)
    rspec-support (3.0.0.beta2)
    sass (3.3.0)
      rake
    sass-rails (4.0.1)
      railties (>= 4.0.0, < 5.0)
      sass (>= 3.1.10)
      sprockets-rails (~> 2.0.0)
    simplecov (0.8.2)
      docile (~> 1.1.0)
      multi_json
      simplecov-html (~> 0.8.0)
    simplecov-html (0.8.0)
    sinatra (1.4.4)
      rack (~> 1.4)
      rack-protection (~> 1.4)
      tilt (~> 1.3, >= 1.3.4)
    slim (2.0.2)
      temple (~> 0.6.6)
      tilt (>= 1.3.3, < 2.1)
    slim-rails (2.1.2)
      actionpack (>= 3.0, < 4.1)
      activesupport (>= 3.0, < 4.1)
      railties (>= 3.0, < 4.1)
      slim (~> 2.0)
    slop (3.4.7)
    sprockets (2.11.0)
      hike (~> 1.2)
      multi_json (~> 1.0)
      rack (~> 1.0)
      tilt (~> 1.1, != 1.3.0)
    sprockets-rails (2.0.1)
      actionpack (>= 3.0)
      activesupport (>= 3.0)
      sprockets (~> 2.8)
    temple (0.6.7)
    thin (1.6.2)
      daemons (>= 1.0.9)
      eventmachine (>= 1.0.0)
      rack (>= 1.0.0)
    thinking-sphinx (3.1.0)
      activerecord (>= 3.1.0)
      builder (>= 2.1.2)
      innertube (>= 1.0.2)
      joiner (>= 0.2.0)
      middleware (>= 0.1.0)
      riddle (>= 1.5.10)
    thor (0.18.1)
    thread_safe (0.2.0)
      atomic (>= 1.1.7, < 2)
    tilt (1.4.1)
    treetop (1.4.15)
      polyglot
      polyglot (>= 0.3.1)
    tzinfo (1.1.0)
      thread_safe (~> 0.1)
    uglifier (2.4.0)
      execjs (>= 0.3.0)
      json (>= 1.8.0)
    vegas (0.1.11)
      rack (>= 1.0.0)
    warden (1.2.3)
      rack (>= 1.0)
    will_paginate (3.0.5)
    will_paginate-bootstrap (1.0.0)
      will_paginate (>= 3.0.3)

PLATFORMS
  ruby

DEPENDENCIES
  activerecord-import
  cancan
  coffee-rails
  colorize
  devise
  differ
  draper
  exception_notification
  execjs
  factory_girl_rails
  haml_coffee_assets
  jquery-rails
  letter_opener
  mysql2
  newrelic_rpm
  paper_trail
  pg
  pry
  rails (~> 4.1.0.beta1)
  redcarpet
  resque
  rspec-rails (~> 3.0.0.beta1)
  sass-rails
  simplecov
  slim-rails
  thin
  thinking-sphinx
  uglifier
  will_paginate
  will_paginate-bootstrap
